PATH
  remote: .
  specs:
    todo (0.0.1)
      gli (= 2.4.1)
      rainbow

GEM
  remote: http://rubygems.org/
  specs:
    ansi (1.4.3)
    aruba (0.5.0)
      childprocess (= 0.2.3)
      cucumber (>= 1.1.1)
      ffi (>= 1.0.11)
      rspec-expectations (>= 2.7.0)
    builder (3.1.4)
    childprocess (0.2.3)
      ffi (~> 1.0.6)
    cucumber (1.2.1)
      builder (>= 2.1.2)
      diff-lcs (>= 1.1.3)
      gherkin (~> 2.11.0)
      json (>= 1.4.6)
    diff-lcs (1.1.3)
    ffi (1.0.11)
    gherkin (2.11.5)
      json (>= 1.4.6)
    gli (2.4.1)
    hashie (1.2.0)
    json (1.7.5)
    metaclass (0.0.1)
    minitest (4.3.3)
    minitest-reporters (0.13.1)
      ansi
      builder
      minitest (>= 2.12, < 5.0)
      powerbar
    mocha (0.13.1)
      metaclass (~> 0.0.1)
    powerbar (1.0.11)
      ansi (~> 1.4.0)
      hashie (>= 1.1.0)
    rainbow (1.1.4)
    rake (0.9.2.2)
    rdoc (3.12)
      json (~> 1.4)
    rspec-expectations (2.11.3)
      diff-lcs (~> 1.1.3)

PLATFORMS
  ruby

DEPENDENCIES
  aruba
  minitest-reporters
  mocha
  rake
  rdoc
  todo!
